STORAGE: NONE
RESTRICTION: == net7.0
NUGET
  remote: https://api.nuget.org/v3/index.json
    Avalonia (11.0.0-preview5)
      Avalonia.Remote.Protocol (>= 11.0.0-preview5)
      MicroCom.Runtime (>= 0.11)
      System.ComponentModel.Annotations (>= 4.5)
    Avalonia.Angle.Windows.Natives (2.1.0.2023020321)
    Avalonia.Desktop (0.10.18)
      Avalonia (>= 0.10.18)
      Avalonia.Native (>= 0.10.18)
      Avalonia.Skia (>= 0.10.18)
      Avalonia.Win32 (>= 0.10.18)
      Avalonia.X11 (>= 0.10.18)
    Avalonia.FreeDesktop (0.10.18)
      Avalonia (>= 0.10.18)
      Tmds.DBus (>= 0.9)
    Avalonia.Native (0.10.18)
      Avalonia (>= 0.10.18)
    Avalonia.ReactiveUI (0.10.18)
      Avalonia (>= 0.10.18)
      ReactiveUI (>= 13.2.10)
      System.Reactive (>= 5.0)
    Avalonia.Remote.Protocol (11.0.0-preview5)
    Avalonia.Skia (0.10.18)
      Avalonia (>= 0.10.18)
      HarfBuzzSharp (>= 2.8.2.1-preview.108)
      HarfBuzzSharp.NativeAssets.Linux (>= 2.8.2.1-preview.108)
      HarfBuzzSharp.NativeAssets.WebAssembly (>= 2.8.2.1-preview.108)
      SkiaSharp (>= 2.88.1-preview.108)
      SkiaSharp.NativeAssets.Linux (>= 2.88.1-preview.108)
      SkiaSharp.NativeAssets.WebAssembly (>= 2.88.1-preview.108)
    Avalonia.Themes.Fluent (11.0.0-preview5)
      Avalonia (>= 11.0.0-preview5)
    Avalonia.Win32 (0.10.18)
      Avalonia (>= 0.10.18)
      Avalonia.Angle.Windows.Natives (>= 2.1.0.2020091801)
      System.Drawing.Common (>= 4.5)
      System.Numerics.Vectors (>= 4.5)
    Avalonia.X11 (0.10.18)
      Avalonia (>= 0.10.18)
      Avalonia.FreeDesktop (>= 0.10.18)
      Avalonia.Skia (>= 0.10.18)
    DynamicData (7.12.11)
      System.Reactive (>= 5.0)
    Elmish (4.0.1)
    Elmish.Avalonia (1.0.0-alpha-3)
      Avalonia (>= 11.0.0-preview5)
      Elmish (>= 4.0.1 <= 4.99)
      FSharp.Core (>= 6.0.7)
      Microsoft.Extensions.Logging.Abstractions (>= 6.0.1 <= 99.0)
    FSharp.Core (7.0.200)
    HarfBuzzSharp (2.8.2.3)
      HarfBuzzSharp.NativeAssets.macOS (>= 2.8.2.3)
      HarfBuzzSharp.NativeAssets.Win32 (>= 2.8.2.3)
    HarfBuzzSharp.NativeAssets.Linux (2.8.2.3)
      HarfBuzzSharp (>= 2.8.2.3)
    HarfBuzzSharp.NativeAssets.macOS (2.8.2.3)
    HarfBuzzSharp.NativeAssets.WebAssembly (2.8.2.3)
    HarfBuzzSharp.NativeAssets.Win32 (2.8.2.3)
    MicroCom.Runtime (0.11)
    Microsoft.Bcl.AsyncInterfaces (7.0)
    Microsoft.Extensions.Logging.Abstractions (7.0)
    Microsoft.Win32.SystemEvents (7.0)
    ReactiveUI (18.4.22)
      DynamicData (>= 7.12.11)
      Splat (>= 14.6.8)
    SkiaSharp (2.88.3)
      SkiaSharp.NativeAssets.macOS (>= 2.88.3)
      SkiaSharp.NativeAssets.Win32 (>= 2.88.3)
    SkiaSharp.NativeAssets.Linux (2.88.3)
      SkiaSharp (>= 2.88.3)
    SkiaSharp.NativeAssets.macOS (2.88.3)
    SkiaSharp.NativeAssets.WebAssembly (2.88.3)
    SkiaSharp.NativeAssets.Win32 (2.88.3)
    Splat (14.6.8)
    System.ComponentModel.Annotations (5.0)
    System.Drawing.Common (7.0)
      Microsoft.Win32.SystemEvents (>= 7.0)
    System.Numerics.Vectors (4.5)
    System.Reactive (5.0)
    System.Reflection.Emit (4.7)
    System.Security.Principal.Windows (5.0)
    Tmds.DBus (0.13)
      Microsoft.Bcl.AsyncInterfaces (>= 6.0)
      System.Reflection.Emit (>= 4.7)
      System.Security.Principal.Windows (>= 4.7)
